GEM
  remote: https://rubygems.org/
  specs:
    rake (13.2.1)

PLATFORMS
  arm64-darwin-23
  ruby

DEPENDENCIES
  rake

RUBY VERSION
   ruby 3.3.5p100

BUNDLED WITH
   2.5.16
