GEM
  remote: https://rubygems.org/
  specs:

PLATFORMS
  arm64-darwin-23
  ruby

DEPENDENCIES

RUBY VERSION
   ruby 3.3.5p100

BUNDLED WITH
   2.5.16
